GIT
  remote: git://github.com/Nerian/bootstrap-datepicker-rails.git
  revision: 3f1c622de3885732531d1348e11eced87cbe5ebe
  specs:
    bootstrap-datepicker-rails (0.6.17)
      railties (>= 3.0)

GIT
  remote: git://github.com/hellocodes/paperclip-ffmpeg.git
  revision: f1662c868821f4df661b50fd6e417ea8ef8327fc
  specs:
    paperclip-ffmpeg (0.9.0)
      paperclip (>= 2.5.2)

GIT
  remote: git://github.com/norman/friendly_id.git
  revision: 0d168b8aacc63afab81cb3564c4f3af4dcaef20c
  specs:
    friendly_id (4.0.8)

GIT
  remote: git://github.com/seyhunak/twitter-bootstrap-rails.git
  revision: 8c61343d7d896fa82d0700a56ee1f83d43af0788
  specs:
    twitter-bootstrap-rails (2.1.3)
      actionpack (>= 3.1)
      less-rails (~> 2.2.3)
      railties (>= 3.1)
      therubyracer (~> 0.10.2)

GIT
  remote: git://github.com/thoughtbot/paperclip.git
  revision: 4bea897fa277eb3928442826e1098108590d9b0b
  specs:
    paperclip (3.1.4)
      activemodel (>= 3.0.0)
      activerecord (>= 3.0.0)
      activesupport (>= 3.0.0)
      cocaine (>= 0.0.2)
      mime-types

GEM
  remote: https://rubygems.org/
  specs:
    RedCloth (4.2.9)
    actionmailer (3.2.8)
      actionpack (= 3.2.8)
      mail (~> 2.4.4)
    actionpack (3.2.8)
      activemodel (= 3.2.8)
      activesupport (= 3.2.8)
      builder (~> 3.0.0)
      erubis (~> 2.7.0)
      journey (~> 1.0.4)
      rack (~> 1.4.0)
      rack-cache (~> 1.2)
      rack-test (~> 0.6.1)
      sprockets (~> 2.1.3)
    activemodel (3.2.8)
      activesupport (= 3.2.8)
      builder (~> 3.0.0)
    activerecord (3.2.8)
      activemodel (= 3.2.8)
      activesupport (= 3.2.8)
      arel (~> 3.0.2)
      tzinfo (~> 0.3.29)
    activerecord-reputation-system (1.3.4)
    activeresource (3.2.8)
      activemodel (= 3.2.8)
      activesupport (= 3.2.8)
    activesupport (3.2.8)
      i18n (~> 0.6)
      multi_json (~> 1.0)
    acts_as_list (0.1.8)
    addressable (2.3.2)
    arel (3.0.2)
    aws-s3 (0.6.3)
      builder
      mime-types
      xml-simple
    aws-sdk (1.6.4)
      httparty (~> 0.7)
      json (~> 1.4)
      nokogiri (>= 1.4.4)
      uuidtools (~> 2.1)
    bcrypt-ruby (3.0.1)
    bluecloth (2.2.0)
    bootstrap-will_paginate (0.0.8)
      will_paginate
    builder (3.0.0)
    bullet (4.1.6)
      uniform_notifier (~> 1.0.0)
    cancan (1.6.8)
    capistrano (2.13.3)
      highline
      net-scp (>= 1.0.0)
      net-sftp (>= 2.0.0)
      net-ssh (>= 2.0.14)
      net-ssh-gateway (>= 1.1.0)
    cocaine (0.3.0)
    coffee-rails (3.2.2)
      coffee-script (>= 2.2.0)
      railties (~> 3.2.0)
    coffee-script (2.2.0)
      coffee-script-source
      execjs
    coffee-script-source (1.3.3)
    commonjs (0.2.6)
    country-select (1.1.1)
    delayed_job (3.0.3)
      activesupport (~> 3.0)
    delayed_job_active_record (0.3.2)
      activerecord (> 2.1.0)
      delayed_job (~> 3.0.0)
    devise (2.1.2)
      bcrypt-ruby (~> 3.0)
      orm_adapter (~> 0.1)
      railties (~> 3.1)
      warden (~> 1.2.1)
    erubis (2.7.0)
    execjs (1.4.0)
      multi_json (~> 1.0)
    faker (1.0.1)
      i18n (~> 0.4)
    formatize (1.1.0)
      RedCloth (~> 4.2)
      actionpack (~> 3.0)
      bluecloth (~> 2.2)
    haml (3.1.7)
    haml-rails (0.3.4)
      actionpack (~> 3.0)
      activesupport (~> 3.0)
      haml (~> 3.0)
      railties (~> 3.0)
    highline (1.6.14)
    hike (1.2.1)
    httparty (0.8.3)
      multi_json (~> 1.0)
      multi_xml
    httpclient (2.2.7)
    i18n (0.6.0)
    impressionist (1.1.1)
      httpclient (~> 2.2)
      nokogiri (~> 1.5)
    journey (1.0.4)
    jquery-rails (2.1.1)
      railties (>= 3.1.0, < 5.0)
      thor (~> 0.14)
    json (1.7.5)
    kgio (2.7.4)
    launchy (2.1.2)
      addressable (~> 2.3)
    less (2.2.1)
      commonjs (~> 0.2.6)
    less-rails (2.2.3)
      actionpack (>= 3.1)
      less (~> 2.2.0)
    letter_opener (0.0.2)
      launchy
    libv8 (3.3.10.4)
    mail (2.4.4)
      i18n (>= 0.4.0)
      mime-types (~> 1.16)
      treetop (~> 1.4.8)
    mime-types (1.19)
    multi_json (1.3.6)
    multi_xml (0.5.1)
    net-scp (1.0.4)
      net-ssh (>= 1.99.1)
    net-sftp (2.0.5)
      net-ssh (>= 2.0.9)
    net-ssh (2.5.2)
    net-ssh-gateway (1.1.0)
      net-ssh (>= 1.99.1)
    nokogiri (1.5.5)
    orm_adapter (0.4.0)
    pg (0.14.0)
    pg_search (0.5.1)
      activerecord (>= 3)
      activesupport (>= 3)
    polyglot (0.3.3)
    rack (1.4.1)
    rack-cache (1.2)
      rack (>= 0.4)
    rack-mini-profiler (0.1.10)
      rack (>= 1.1.3)
    rack-ssl (1.3.2)
      rack
    rack-test (0.6.1)
      rack (>= 1.0)
    rails (3.2.8)
      actionmailer (= 3.2.8)
      actionpack (= 3.2.8)
      activerecord (= 3.2.8)
      activeresource (= 3.2.8)
      activesupport (= 3.2.8)
      bundler (~> 1.0)
      railties (= 3.2.8)
    railties (3.2.8)
      actionpack (= 3.2.8)
      activesupport (= 3.2.8)
      rack-ssl (~> 1.3.2)
      rake (>= 0.8.7)
      rdoc (~> 3.4)
      thor (>= 0.14.6, < 2.0)
    raindrops (0.10.0)
    rake (0.9.2.2)
    rdoc (3.12)
      json (~> 1.4)
    rolify (3.2.0)
    sass (3.2.1)
    sass-rails (3.2.5)
      railties (~> 3.2.0)
      sass (>= 3.1.10)
      tilt (~> 1.3)
    simple_form (2.0.2)
      actionpack (~> 3.0)
      activemodel (~> 3.0)
    sprockets (2.1.3)
      hike (~> 1.2)
      rack (~> 1.0)
      tilt (~> 1.1, != 1.3.0)
    therubyracer (0.10.2)
      libv8 (~> 3.3.10)
    thor (0.16.0)
    tilt (1.3.3)
    treetop (1.4.10)
      polyglot
      polyglot (>= 0.3.1)
    tzinfo (0.3.33)
    uglifier (1.2.7)
      execjs (>= 0.3.0)
      multi_json (~> 1.3)
    unicorn (4.3.1)
      kgio (~> 2.6)
      rack
      raindrops (~> 0.7)
    uniform_notifier (1.0.2)
    uuidtools (2.1.3)
    warden (1.2.1)
      rack (>= 1.0)
    will_paginate (3.0.3)
    xml-simple (1.1.1)

PLATFORMS
  ruby

DEPENDENCIES
  activerecord-reputation-system
  acts_as_list
  aws-s3
  aws-sdk
  bootstrap-datepicker-rails!
  bootstrap-will_paginate
  bullet
  cancan
  capistrano
  coffee-rails (~> 3.2.1)
  country-select
  delayed_job_active_record
  devise
  faker
  formatize
  friendly_id!
  haml
  haml-rails
  impressionist
  jquery-rails
  letter_opener
  paperclip!
  paperclip-ffmpeg!
  pg
  pg_search
  rack-mini-profiler
  rails (= 3.2.8)
  rolify
  sass-rails (~> 3.2.3)
  simple_form
  twitter-bootstrap-rails!
  uglifier (>= 1.0.3)
  unicorn
